GEM
  remote: http://rubygems.org/
  specs:
    liquid (3.0.6)

PLATFORMS
  ruby

DEPENDENCIES
  liquid

BUNDLED WITH
   1.13.0
